GEM
  remote: https://rubygems.org/
  specs:
    activesupport (4.2.0)
      i18n (~> 0.7)
      json (~> 1.7, >= 1.7.7)
      minitest (~> 5.1)
      thread_safe (~> 0.3, >= 0.3.4)
      tzinfo (~> 1.1)
    addressable (2.3.8)
    faraday (0.9.2)
      multipart-post (>= 1.2, < 3)
    ffi (1.9.10)
    hashie (3.4.3)
    httparty (0.13.3)
      json (~> 1.8)
      multi_xml (>= 0.5.2)
    i18n (0.7.0)
    json (1.8.2)
    minitest (5.5.1)
    multi_xml (0.5.5)
    multipart-post (2.0.0)
    octokit (4.2.0)
      sawyer (~> 0.6.0, >= 0.5.3)
    sawyer (0.6.0)
      addressable (~> 2.3.5)
      faraday (~> 0.8, < 0.10)
    soda-ruby (0.2.19)
      hashie (~> 3.4.2)
      multipart-post (~> 2.0.0)
      sys-uname (~> 1.0.2)
    sqlite3 (1.3.11)
    sys-uname (1.0.2)
      ffi (>= 1.0.0)
    thor (0.19.1)
    thread_safe (0.3.5)
    tzinfo (1.2.2)
      thread_safe (~> 0.1)

PLATFORMS
  ruby

DEPENDENCIES
  activesupport
  httparty
  octokit (~> 4.0)
  soda-ruby (~> 0.2.19)
  sqlite3
  thor

BUNDLED WITH
   1.11.2
